GEM
  remote: http://rubygems.org/
  specs:
    activesupport (3.2.17)
      i18n (~> 0.6, >= 0.6.4)
      multi_json (~> 1.0)
    business_time (0.6.2)
      activesupport (>= 3.1.0)
      tzinfo (~> 0.3.31)
    i18n (0.6.5)
    metaclass (0.0.4)
    mocha (1.0.0)
      metaclass (~> 0.0.1)
    multi_json (1.10.1)
    rake (10.3.1)
    require_all (1.3.2)
    test-unit (2.5.5)
    tzinfo (0.3.39)

PLATFORMS
  ruby

DEPENDENCIES
  business_time
  mocha
  rake
  require_all
  test-unit
